GEM
  remote: http://rubygems.org/
  specs:
    fastimage (1.2.13)
    haml (3.1.3)
    jsmin (1.0.1)
    mobileesp_converted (0.2.1)
    mobvious (0.3.1)
      mobileesp_converted (~> 0.2.0)
      rack (>= 1.2.0)
    rack (1.6.12)
    rack-protection (1.2.0)
      rack
    rack-test (0.6.2)
      rack (>= 1.0)
    sinatra (1.3.3)
      rack (~> 1.3, >= 1.3.6)
      rack-protection (~> 1.2)
      tilt (~> 1.3, >= 1.3.3)
    sinatra-assetpack (0.0.11)
      jsmin
      rack-test
      sinatra
      tilt (>= 1.3.0)
    tilt (1.3.3)
    yui-compressor (0.12.0)

PLATFORMS
  ruby

DEPENDENCIES
  fastimage
  haml (= 3.1.3)
  mobvious
  sinatra (= 1.3.3)
  sinatra-assetpack
  yui-compressor
