GEM
  remote: http://rubygems.org/
  specs:
    fastimage (1.2.13)
    haml (3.1.3)
    jsmin (1.0.1)
    mobileesp_converted (0.2.1)
    mobvious (0.3.1)
      mobileesp_converted (~> 0.2.0)
      rack (>= 1.2.0)
    mustermann (1.1.1)
      ruby2_keywords (~> 0.0.1)
    rack (2.2.3)
    rack-protection (2.2.0)
      rack
    rack-test (0.6.2)
      rack (>= 1.0)
    ruby2_keywords (0.0.5)
    sinatra (2.2.0)
      mustermann (~> 1.0)
      rack (~> 2.2)
      rack-protection (= 2.2.0)
      tilt (~> 2.0)
    sinatra-assetpack (0.0.11)
      jsmin
      rack-test
      sinatra
      tilt (>= 1.3.0)
    tilt (2.0.10)
    yui-compressor (0.12.0)

PLATFORMS
  ruby

DEPENDENCIES
  fastimage
  haml (= 3.1.3)
  mobvious
  sinatra (= 2.2.0)
  sinatra-assetpack
  yui-compressor
